GEM
  remote: http://rubygems.org/
  specs:
    stomp (1.1.9)

PLATFORMS
  ruby

DEPENDENCIES
  stomp
